GEM
  remote: https://rubygems.org/
  specs:
    activesupport (4.2.0)
      i18n (~> 0.7)
      json (~> 1.7, >= 1.7.7)
      minitest (~> 5.1)
      thread_safe (~> 0.3, >= 0.3.4)
      tzinfo (~> 1.1)
    dotenv (2.0.0)
    faraday (0.9.1)
      multipart-post (>= 1.2, < 3)
    faraday_middleware (0.9.1)
      faraday (>= 0.7.4, < 0.10)
    i18n (0.7.0)
    json (1.8.2)
    mem (0.1.5)
    mime-types (2.4.3)
    minitest (5.5.1)
    multipart-post (2.0.0)
    oauth (0.4.7)
    redis (3.2.1)
    redis-namespace (1.5.1)
      redis (~> 3.0, >= 3.0.4)
    ruboty (1.2.0)
      activesupport
      bundler
      dotenv
      mem
      slop
    ruboty-redis (0.0.5)
      redis
      redis-namespace
      ruboty
    ruboty-shinchoku (0.0.1)
      ruboty
      tumblr-random_image
      tumblr_client
    ruboty-slack (0.1.7)
      ruboty (>= 1.0.4)
      xrc (>= 0.0.6)
    ruboty-twada (2.0.0)
      ruboty
    simple_oauth (0.3.1)
    slop (4.0.0)
    thread_safe (0.3.4)
    tumblr-random_image (0.0.1)
      tumblr_client
    tumblr_client (0.8.5)
      faraday (~> 0.9.0)
      faraday_middleware (~> 0.9.0)
      json
      mime-types
      oauth
      simple_oauth
    tzinfo (1.2.2)
      thread_safe (~> 0.1)
    xrc (0.1.4)
      activesupport

PLATFORMS
  ruby

DEPENDENCIES
  ruboty
  ruboty-redis
  ruboty-shinchoku
  ruboty-slack
  ruboty-twada
